GEM
  remote: https://rubygems.org/
  specs:
    addressable (2.7.0)
      public_suffix (>= 2.0.2, < 5.0)
    benchmark (0.1.1)
    coderay (1.1.3)
    dotenv (2.7.6)
    down (5.2.0)
      addressable (~> 2.5)
    faraday (1.3.0)
      faraday-net_http (~> 1.0)
      multipart-post (>= 1.2, < 3)
      ruby2_keywords
    faraday-net_http (1.0.1)
    interactor (3.1.2)
    method_source (1.0.0)
    mime-types (3.3.1)
      mime-types-data (~> 3.2015)
    mime-types-data (3.2021.0225)
    multipart-post (2.1.1)
    pry (0.14.0)
      coderay (~> 1.1)
      method_source (~> 1.0)
    public_suffix (4.0.6)
    rake (13.0.3)
    ruby-filemagic (0.7.2)
    ruby2_keywords (0.0.4)
    thread (0.2.2)

PLATFORMS
  ruby

DEPENDENCIES
  benchmark (~> 0.1.1)
  dotenv
  down (~> 5.2)
  faraday (~> 1.3)
  interactor (~> 3.1)
  mime-types (~> 3.3)
  pry (~> 0.14.0)
  rake (~> 13.0)
  ruby-filemagic (~> 0.7.2)
  thread (~> 0.2.2)

BUNDLED WITH
   2.1.4
